PATH
  remote: .
  specs:
    deckhand (0.0.4)
      active_support
      haml
      sprockets-browserify

GEM
  remote: https://rubygems.org/
  specs:
    active_support (3.0.0)
      activesupport (= 3.0.0)
    activesupport (3.0.0)
    diff-lcs (1.2.5)
    haml (4.0.5)
      tilt
    hike (1.2.3)
    multi_json (1.8.4)
    rack (1.5.2)
    rspec (2.14.1)
      rspec-core (~> 2.14.0)
      rspec-expectations (~> 2.14.0)
      rspec-mocks (~> 2.14.0)
    rspec-core (2.14.7)
    rspec-expectations (2.14.4)
      diff-lcs (>= 1.1.3, < 2.0)
    rspec-mocks (2.14.4)
    sprockets (2.10.1)
      hike (~> 1.2)
      multi_json (~> 1.0)
      rack (~> 1.0)
      tilt (~> 1.1, != 1.3.0)
    sprockets-browserify (0.2.0)
      sprockets (~> 2.1)
    tilt (1.4.1)

PLATFORMS
  ruby

DEPENDENCIES
  deckhand!
  rspec
