PATH
  remote: .
  specs:
    deckhand (0.0.4)
      haml
      sprockets-browserify

GEM
  remote: https://rubygems.org/
  specs:
    diff-lcs (1.2.5)
    haml (3.1.7)
    hike (1.2.3)
    multi_json (1.8.2)
    rack (1.4.5)
    rspec (2.14.1)
      rspec-core (~> 2.14.0)
      rspec-expectations (~> 2.14.0)
      rspec-mocks (~> 2.14.0)
    rspec-core (2.14.7)
    rspec-expectations (2.14.4)
      diff-lcs (>= 1.1.3, < 2.0)
    rspec-mocks (2.14.4)
    sprockets (2.2.2)
      hike (~> 1.2)
      multi_json (~> 1.0)
      rack (~> 1.0)
      tilt (~> 1.1, != 1.3.0)
    sprockets-browserify (0.2.0)
      sprockets (~> 2.1)
    tilt (1.4.1)

PLATFORMS
  ruby

DEPENDENCIES
  deckhand!
  rspec
